GEM
  remote: https://rubygems.org/
  specs:
    rake (13.0.3)

PLATFORMS
  x86_64-darwin-19

DEPENDENCIES
  rake

BUNDLED WITH
   2.2.3
